GEM
  remote: https://rubygems.org/
  specs:
    base64 (0.1.0)
    bson (4.11.1)
    mail (2.7.1)
      mini_mime (>= 0.1.1)
    mini_mime (1.0.2)
    mongo (2.5.3)
      bson (>= 4.3.0, < 5.0.0)
    mustermann (1.1.1)
      ruby2_keywords (~> 0.0.1)
    puma (3.11.4)
    rack (2.2.3)
    rack-protection (2.0.8.1)
      rack
    ruby2_keywords (0.0.2)
    sinatra (2.0.8.1)
      mustermann (~> 1.0)
      rack (~> 2.0)
      rack-protection (= 2.0.8.1)
      tilt (~> 2.0)
    sinatra-cross_origin (0.4.0)
    tilt (2.0.10)

PLATFORMS
  ruby

DEPENDENCIES
  base64
  mail
  mongo (~> 2.5.1)
  puma (~> 3.11.2)
  sinatra (~> 2.0.1)
  sinatra-cross_origin (~> 0.4.0)

BUNDLED WITH
   2.2.6
